GEM
  remote: http://rubygems.org/
  specs:
    builder (2.1.2)
    coderay (0.9.3)
    gemcutter (0.6.1)
    git (1.2.5)
    hpricot (0.8.2)
    jeweler (1.4.0)
      gemcutter (>= 0.1.0)
      git (>= 1.2.5)
      rubyforge (>= 2.0.0)
    json_pure (1.4.6)
    rack (1.2.1)
    rack-test (0.5.4)
      rack (>= 1.0)
    rdiscount (1.6.5)
    rubyforge (2.0.4)
      json_pure (>= 1.1.7)
    shoulda (2.10.3)
    sinatra (1.0)
      rack (>= 1.0)
    stupid_formatter (0.2.0)
      coderay (>= 0.9.0)
      rdiscount (>= 1.5.0)

PLATFORMS
  ruby

DEPENDENCIES
  builder (>= 2.1.2)
  hpricot (>= 0.8.0)
  jeweler (>= 1.4.0)
  rack-test (>= 0.5.0)
  shoulda (= 2.10.3)
  sinatra (>= 1.0.0)
  stupid_formatter (>= 0.2.0)
